PATH
  remote: .
  specs:
    ruby-fighter (0.0.0)
      gosu (~> 0.8)

GEM
  remote: https://rubygems.org/
  specs:
    gosu (0.8.7.2)

PLATFORMS
  ruby

DEPENDENCIES
  bundler (~> 1.9)
  ruby-fighter!
